STRATEGY: MIN
NUGET
  remote: https://www.nuget.org/api/v2
    Microsoft.Extensions.DependencyInjection.Abstractions (2.2)
    NUnit (2.6.4)
