STRATEGY: MIN
NUGET
  remote: https://www.nuget.org/api/v2
    NUnit (2.6.4)
